GEM
  remote: https://rubygems.org/
  specs:
    byebug (11.1.3)
    faraday (1.0.1)
      multipart-post (>= 1.2, < 3)
    git (1.11.0)
      rchardet (~> 1.8)
    multipart-post (2.1.1)
    rchardet (1.8.0)

PLATFORMS
  ruby

DEPENDENCIES
  byebug
  faraday
  git

BUNDLED WITH
   2.1.2
