GEM
  remote: https://rubygems.org/
  specs:
    addressable (2.8.1)
      public_suffix (>= 2.0.2, < 6.0)
    byebug (11.1.3)
    faraday (1.0.1)
      multipart-post (>= 1.2, < 3)
    git (1.13.0)
      addressable (~> 2.8)
      rchardet (~> 1.8)
    multipart-post (2.1.1)
    public_suffix (5.0.1)
    rchardet (1.8.0)

PLATFORMS
  ruby

DEPENDENCIES
  byebug
  faraday
  git

BUNDLED WITH
   2.1.2
